GIT
  remote: git://github.com/jondot/guard-sprockets.git
  revision: 4c6ebac094d5f06452bcc74fe75e7c1e2c4f99f2
  specs:
    guard-sprockets (0.2.0)
      guard (>= 0.2.2)
      sprockets (~> 2)

GEM
  remote: http://rubygems.org/
  specs:
    chunky_png (1.2.7)
    coffee-script (2.2.0)
      coffee-script-source
      execjs
    coffee-script-source (1.2.0)
    compass (0.12.2)
      chunky_png (~> 1.2)
      fssm (>= 0.2.7)
      sass (~> 3.1)
    execjs (1.3.0)
      multi_json (~> 1.0)
    ffi (1.0.11)
    fssm (0.2.9)
    guard (1.0.0)
      ffi (>= 0.5.0)
      thor (~> 0.14.6)
    hike (1.2.1)
    json (1.7.6)
    multi_json (1.0.4)
    rack (1.4.1)
    rake (0.9.6)
    rake-pipeline (0.7.0)
      json
      rake (~> 0.9.0)
      thor
    rake-pipeline-web-filters (0.7.0)
      rack
      rake-pipeline (~> 0.6)
    sass (3.1.15)
    sprockets (2.3.1)
      hike (~> 1.2)
      multi_json (~> 1.0)
      rack (~> 1.0)
      tilt (~> 1.1, != 1.3.0)
    thor (0.14.6)
    tilt (1.3.3)
    uglifier (1.2.3)
      execjs (>= 0.3.0)
      multi_json (>= 1.0.2)

PLATFORMS
  ruby

DEPENDENCIES
  coffee-script
  compass
  guard-sprockets!
  rake-pipeline
  rake-pipeline-web-filters
  sass
  uglifier
